STORAGE: NONE
RESTRICTION: || (== net461) (== netstandard2.0)
NUGET
  remote: https://api.nuget.org/v3/index.json
    IntelliFactory.Xml (0.6.64.1)
    WebSharper (4.4.0.280)
    WebSharper.FSharp (4.4.0.280)
      WebSharper (4.4.0.280)
  remote: https://nuget.intellifactory.com/nuget
    WebSharper.Formlets (4.4.0.130)
      WebSharper (>= 4.4 < 4.5)
      WebSharper.Html (>= 4.4 < 4.5)
      WebSharper.Reactive (>= 4.4 < 4.5)
    WebSharper.Html (4.4.0.140)
      IntelliFactory.Xml (>= 0.6.64 < 0.7)
      WebSharper (>= 4.4 < 4.5)
    WebSharper.Reactive (4.4.0.126)
      WebSharper (>= 4.4 < 4.5)

GROUP build
RESTRICTION: == net45
NUGET
  remote: https://api.nuget.org/v3/index.json
    Chessie (0.6)
      FSharp.Core
    FAKE (5.1)
    FSharp.Compiler.Tools (10.0.2)
    FSharp.Core (4.5)
    Mono.Cecil (0.10)
    Newtonsoft.Json (11.0.2)
    Paket.Core (5.141)
      Chessie (>= 0.6)
      FSharp.Compiler.Tools
      FSharp.Core
      Mono.Cecil (>= 0.10.0-beta6)
      Newtonsoft.Json

GROUP wsbuild

GIT
  remote: https://github.com/dotnet-websharper/build-script
     (d57d7d132dbd715f9d3c0d942e845d76039a0470)